PATH
  remote: .
  specs:
    ruby-challenges-Mark-Henninger (1.0.0)

GEM
  remote: https://rubygems.org/
  specs:
    minitest (5.14.0)

PLATFORMS
  ruby

DEPENDENCIES
  minitest
  ruby-challenges-Mark-Henninger!

RUBY VERSION
   ruby 2.7.0p0

BUNDLED WITH
   2.1.4
